GIT
  remote: git://github.com/pyrat/exception_notification.git
  revision: 42630b9b76805c76abdd4a31063117b17fb405b4
  specs:
    exception_notification (1.0.0)

GIT
  remote: git@github.com:k3integrations/k3cms.git
  revision: 60a623d071d13e342ee96fe3055938b25f08d995
  specs:
    k3cms (0.1.3)
      k3cms_authorization
      k3cms_core
      k3cms_inline_editor
      k3cms_pages
      k3cms_ribbon
    k3cms_authorization (0.1.3)
      activesupport (~> 3.0.0)
      k3cms_core
      rails (~> 3.0.0)
    k3cms_core (0.1.3)
      activerecord (~> 3.0.0)
      cells
      rails (~> 3.0.0)
    k3cms_inline_editor (0.1.3)
      best_in_place
      facets
      k3cms_core
      rails (~> 3.0.0)
    k3cms_pages (0.1.3)
      actionpack (~> 3.0.0)
      activerecord (~> 3.0.0)
      attribute_normalizer
      cancan
      cells
      facets
      haml (= 3.0.25)
      k3cms_authorization
      k3cms_core
      rails (~> 3.0.0)
    k3cms_ribbon (0.1.3)
      activerecord (~> 3.0.0)
      cells
      facets
      haml (= 3.0.25)
      k3cms_core
      rails (~> 3.0.0)

GIT
  remote: git@github.com:k3integrations/k3cms_blog.git
  revision: bd4687596680c27344eddc920de172860322f0f5
  specs:
    k3cms_blog (0.1.0)
      actionpack (~> 3.0.0)
      activerecord (~> 3.0.0)
      attribute_normalizer
      cancan
      cells
      facets
      friendly_id
      k3cms_core
      rails (~> 3.0.0)
      stringex
      validates_timeliness

GIT
  remote: git@github.com:k3integrations/k3cms_s3_podcast.git
  revision: 32cddf463c1186fd828e97c132b01b2bfeb03ac9
  specs:
    k3cms_s3_podcast (0.0.1)
      actionpack (~> 3.0.0)
      activerecord (~> 3.0.0)
      acts-as-taggable-on
      attribute_normalizer
      aws-s3
      cancan
      cells
      facets
      k3cms_core
      k3cms_ribbon
      rails (~> 3.0.0)
      validates_timeliness

GIT
  remote: git@github.com:k3integrations/k3cms_trivial_authorization.git
  revision: ce724215cf5ff2f7a04ca2f9e9695a68c8d20a6d
  specs:
    k3cms_trivial_authorization (0.1.0)
      k3cms_core

GEM
  remote: http://rubygems.org/
  specs:
    abstract (1.0.0)
    actionmailer (3.0.7)
      actionpack (= 3.0.7)
      mail (~> 2.2.15)
    actionpack (3.0.7)
      activemodel (= 3.0.7)
      activesupport (= 3.0.7)
      builder (~> 2.1.2)
      erubis (~> 2.6.6)
      i18n (~> 0.5.0)
      rack (~> 1.2.1)
      rack-mount (~> 0.6.14)
      rack-test (~> 0.5.7)
      tzinfo (~> 0.3.23)
    activemodel (3.0.7)
      activesupport (= 3.0.7)
      builder (~> 2.1.2)
      i18n (~> 0.5.0)
    activerecord (3.0.7)
      activemodel (= 3.0.7)
      activesupport (= 3.0.7)
      arel (~> 2.0.2)
      tzinfo (~> 0.3.23)
    activeresource (3.0.7)
      activemodel (= 3.0.7)
      activesupport (= 3.0.7)
    activesupport (3.0.7)
    acts-as-taggable-on (2.0.6)
    archive-tar-minitar (0.5.2)
    arel (2.0.9)
    attribute_normalizer (0.3.1)
    aws-s3 (0.6.2)
      builder
      mime-types
      xml-simple
    babosa (0.3.3)
    bcrypt-ruby (2.1.4)
    best_in_place (0.1.9)
      rails (~> 3.0.0)
    builder (2.1.2)
    cancan (1.6.4)
    capistrano (2.5.21)
      highline
      net-scp (>= 1.0.0)
      net-sftp (>= 2.0.0)
      net-ssh (>= 2.0.14)
      net-ssh-gateway (>= 1.0.0)
    capybara (0.4.1.2)
      celerity (>= 0.7.9)
      culerity (>= 0.2.4)
      mime-types (>= 1.16)
      nokogiri (>= 1.3.3)
      rack (>= 1.0.0)
      rack-test (>= 0.5.4)
      selenium-webdriver (>= 0.0.27)
      xpath (~> 0.1.3)
    celerity (0.8.9)
    cells (3.5.6)
      actionpack (~> 3.0.0)
      railties (~> 3.0.0)
    childprocess (0.1.8)
      ffi (~> 1.0.6)
    columnize (0.3.2)
    configuration (1.2.0)
    cucumber (0.10.2)
      builder (>= 2.1.2)
      diff-lcs (>= 1.1.2)
      gherkin (>= 2.3.5)
      json (>= 1.4.6)
      term-ansicolor (>= 1.0.5)
    cucumber-rails (0.4.1)
      cucumber (>= 0.10.1)
      nokogiri (>= 1.4.4)
      rack-test (>= 0.5.7)
    culerity (0.2.15)
    database_cleaner (0.6.6)
    devise (1.3.4)
      bcrypt-ruby (~> 2.1.2)
      orm_adapter (~> 0.0.3)
      warden (~> 1.0.3)
    diff-lcs (1.1.2)
    erubis (2.6.6)
      abstract (>= 1.0.0)
    facets (2.9.1)
    ffi (1.0.7)
      rake (>= 0.8.7)
    friendly_id (3.2.1.1)
      babosa (~> 0.3.0)
    gherkin (2.3.5)
      json (>= 1.4.6)
    haml (3.0.25)
    highline (1.6.1)
    i18n (0.5.0)
    json (1.5.1)
    json_pure (1.5.1)
    launchy (0.4.0)
      configuration (>= 0.0.5)
      rake (>= 0.8.1)
    linecache19 (0.5.12)
      ruby_core_source (>= 0.1.4)
    mail (2.2.19)
      activesupport (>= 2.3.6)
      i18n (>= 0.4.0)
      mime-types (~> 1.16)
      treetop (~> 1.4.8)
    mime-types (1.16)
    mysql2 (0.2.7)
    net-scp (1.0.4)
      net-ssh (>= 1.99.1)
    net-sftp (2.0.5)
      net-ssh (>= 2.0.9)
    net-ssh (2.1.4)
    net-ssh-gateway (1.0.1)
      net-ssh (>= 1.99.1)
    nokogiri (1.4.4)
    orm_adapter (0.0.5)
    polyglot (0.3.1)
    rack (1.2.2)
    rack-mount (0.6.14)
      rack (>= 1.0.0)
    rack-test (0.5.7)
      rack (>= 1.0)
    rails (3.0.7)
      actionmailer (= 3.0.7)
      actionpack (= 3.0.7)
      activerecord (= 3.0.7)
      activeresource (= 3.0.7)
      activesupport (= 3.0.7)
      bundler (~> 1.0)
      railties (= 3.0.7)
    railties (3.0.7)
      actionpack (= 3.0.7)
      activesupport (= 3.0.7)
      rake (>= 0.8.7)
      thor (~> 0.14.4)
    rake (0.8.7)
    rspec (2.5.0)
      rspec-core (~> 2.5.0)
      rspec-expectations (~> 2.5.0)
      rspec-mocks (~> 2.5.0)
    rspec-core (2.5.1)
    rspec-expectations (2.5.0)
      diff-lcs (~> 1.1.2)
    rspec-mocks (2.5.0)
    rspec-rails (2.5.0)
      actionpack (~> 3.0)
      activesupport (~> 3.0)
      railties (~> 3.0)
      rspec (~> 2.5.0)
    ruby-debug-base19 (0.11.25)
      columnize (>= 0.3.1)
      linecache19 (>= 0.5.11)
      ruby_core_source (>= 0.1.4)
    ruby-debug19 (0.11.6)
      columnize (>= 0.3.1)
      linecache19 (>= 0.5.11)
      ruby-debug-base19 (>= 0.11.19)
    ruby_core_source (0.1.5)
      archive-tar-minitar (>= 0.5.2)
    rubyzip (0.9.4)
    selenium-webdriver (0.1.4)
      childprocess (>= 0.1.7)
      ffi (>= 1.0.7)
      json_pure
      rubyzip
    spork (0.8.4)
    sqlite3 (1.3.3)
    stringex (1.2.1)
    term-ansicolor (1.0.5)
    thor (0.14.6)
    timeliness (0.3.3)
    treetop (1.4.9)
      polyglot (>= 0.3.1)
    tzinfo (0.3.27)
    validates_timeliness (3.0.5)
      timeliness (~> 0.3.2)
    warden (1.0.4)
      rack (>= 1.0)
    xml-simple (1.0.15)
    xpath (0.1.3)
      nokogiri (~> 1.3)

PLATFORMS
  ruby

DEPENDENCIES
  capistrano
  capybara
  cucumber
  cucumber-rails
  database_cleaner
  devise
  exception_notification!
  k3cms!
  k3cms_blog!
  k3cms_s3_podcast!
  k3cms_trivial_authorization!
  launchy
  mysql2
  rails (~> 3.0.7)
  rspec-rails
  ruby-debug19
  spork
  sqlite3
